GEM
  remote: http://rubygems.org/
  specs:
    addressable (2.8.1)
      public_suffix (>= 2.0.2, < 6.0)
    chunky_png (1.2.1)
    compass (0.11.5)
      chunky_png (~> 1.2)
      fssm (>= 0.2.7)
      sass (~> 3.1)
    fssm (0.2.7)
    git (1.13.0)
      addressable (~> 2.8)
      rchardet (~> 1.8)
    haml (3.1.2)
    public_suffix (5.0.1)
    rake (0.9.2)
    rchardet (1.8.0)
    sass (3.1.7)

PLATFORMS
  ruby

DEPENDENCIES
  compass
  git
  haml
  rake
