GEM
  remote: http://rubygems.org/
  specs:
    chunky_png (1.2.1)
    compass (0.11.5)
      chunky_png (~> 1.2)
      fssm (>= 0.2.7)
      sass (~> 3.1)
    fssm (0.2.7)
    git (1.2.5)
    haml (5.0.0)
      temple (>= 0.8.0)
      tilt
    rake (0.9.2)
    sass (3.1.7)
    temple (0.8.2)
    tilt (2.0.10)

PLATFORMS
  ruby

DEPENDENCIES
  compass
  git
  haml
  rake
