GEM
  remote: http://rubygems.org/
  specs:
    chunky_png (1.2.1)
    compass (0.11.5)
      chunky_png (~> 1.2)
      fssm (>= 0.2.7)
      sass (~> 3.1)
    fssm (0.2.7)
    git (1.11.0)
      rchardet (~> 1.8)
    haml (3.1.2)
    rake (0.9.2)
    rchardet (1.8.0)
    sass (3.1.7)

PLATFORMS
  ruby

DEPENDENCIES
  compass
  git
  haml
  rake
